GEM
  remote: https://rubygems.org/
  specs:
    curb (0.9.3)
    mini_portile2 (2.1.0)
    nokogiri (1.7.0)
      mini_portile2 (~> 2.1.0)

PLATFORMS
  ruby

DEPENDENCIES
  curb (~> 0.9)
  nokogiri (= 1.7)

BUNDLED WITH
   1.13.7
